PATH
  remote: .
  specs:
    household_people_and_contributions (0.0.1)
      f1api
      fellowshipone-api

GEM
  remote: https://rubygems.org/
  specs:
    activemodel (4.2.5)
      activesupport (= 4.2.5)
      builder (~> 3.1)
    activeresource (4.0.0)
      activemodel (~> 4.0)
      activesupport (~> 4.0)
      rails-observers (~> 0.1.1)
    activesupport (4.2.5)
      i18n (~> 0.7)
      json (~> 1.7, >= 1.7.7)
      minitest (~> 5.1)
      thread_safe (~> 0.3, >= 0.3.4)
      tzinfo (~> 1.1)
    builder (3.2.2)
    diff-lcs (1.2.5)
    ethon (0.6.3)
      ffi (>= 1.3.0)
      mime-types (~> 1.18)
    f1api (0.10.0)
      activeresource
      oauth (>= 0.4.4)
    fellowshipone-api (0.9.0)
      oauth_weshays (= 0.4.8.pre2)
      typhoeus (= 0.6.6)
    ffi (1.9.10)
    i18n (0.7.0)
    json (1.8.3)
    mime-types (1.25.1)
    minitest (5.8.3)
    oauth (0.4.7)
    oauth_weshays (0.4.8.pre2)
    rails-observers (0.1.2)
      activemodel (~> 4.0)
    rspec (3.4.0)
      rspec-core (~> 3.4.0)
      rspec-expectations (~> 3.4.0)
      rspec-mocks (~> 3.4.0)
    rspec-core (3.4.1)
      rspec-support (~> 3.4.0)
    rspec-expectations (3.4.0)
      diff-lcs (>= 1.2.0, < 2.0)
      rspec-support (~> 3.4.0)
    rspec-mocks (3.4.1)
      diff-lcs (>= 1.2.0, < 2.0)
      rspec-support (~> 3.4.0)
    rspec-support (3.4.1)
    thread_safe (0.3.5)
    typhoeus (0.6.6)
      ethon (~> 0.6.1)
    tzinfo (1.2.2)
      thread_safe (~> 0.1)

PLATFORMS
  ruby

DEPENDENCIES
  fellowshipone-api
  household_people_and_contributions!
  rspec

BUNDLED WITH
   1.11.2
