PATH
  remote: .
  specs:
    household_people_and_contributions (0.0.1)
      oauth

GEM
  remote: https://rubygems.org/
  specs:
    diff-lcs (1.2.5)
    oauth (0.4.7)
    rspec (3.4.0)
      rspec-core (~> 3.4.0)
      rspec-expectations (~> 3.4.0)
      rspec-mocks (~> 3.4.0)
    rspec-core (3.4.1)
      rspec-support (~> 3.4.0)
    rspec-expectations (3.4.0)
      diff-lcs (>= 1.2.0, < 2.0)
      rspec-support (~> 3.4.0)
    rspec-mocks (3.4.1)
      diff-lcs (>= 1.2.0, < 2.0)
      rspec-support (~> 3.4.0)
    rspec-support (3.4.1)

PLATFORMS
  ruby

DEPENDENCIES
  household_people_and_contributions!
  rspec

BUNDLED WITH
   1.11.2
